GEM
  specs:
    classifier (1.3.3)
      fast-stemmer (>= 1.0.0)
    fast-stemmer (1.0.2)
    ruby-fann (1.2.6)

PLATFORMS
  ruby

DEPENDENCIES
  classifier
  ruby-fann
